GEM
  remote: https://rubygems.org/
  specs:
    backports (3.6.8)
    bcrypt (3.1.11)
    coderay (1.1.1)
    ffi (1.9.14)
    mail (2.6.4)
      mime-types (>= 1.16, < 4)
    mime-types (3.1)
      mime-types-data (~> 3.2015)
    mime-types-data (3.2016.0521)
    mini_magick (4.5.1)
    multi_json (1.12.1)
    net-ldap (0.15.0)
    pg (0.18.4)
    r18n-core (2.1.4)
    rack (1.6.4)
    rack-protection (1.5.3)
      rack
    rack-test (0.6.3)
      rack (>= 1.0)
    rake (11.2.2)
    rb-inotify (0.9.7)
      ffi (>= 0.5.0)
    sequel (4.36.0)
    sinatra (1.4.7)
      rack (~> 1.5)
      rack-protection (~> 1.4)
      tilt (>= 1.3, < 3)
    sinatra-contrib (1.4.7)
      backports (>= 2.0)
      multi_json
      rack-protection
      rack-test
      sinatra (~> 1.4.0)
      tilt (>= 1.3, < 3)
    sinatra-r18n (2.1.4)
      r18n-core (= 2.1.4)
      sinatra (>= 1.3)
    sqlite3 (1.3.11)
    tilt (2.0.5)

PLATFORMS
  ruby

DEPENDENCIES
  bcrypt
  coderay
  mail
  mini_magick
  net-ldap
  pg
  rake
  rb-inotify
  sequel
  sinatra
  sinatra-contrib
  sinatra-r18n
  sqlite3

BUNDLED WITH
   1.12.5
